PATH
  remote: /Developer/pivotal-tracker
  specs:
    pivotal-tracker (0.5.10)
      builder
      builder
      crack
      happymapper (>= 0.3.2)
      nokogiri (>= 1.4.3)
      nokogiri (>= 1.5.5)
      nokogiri-happymapper (>= 0.5.4)
      rest-client (~> 1.6.0)
      rest-client (~> 1.6.0)

GEM
  remote: https://rubygems.org/
  specs:
    builder (3.2.0)
    crack (0.3.2)
    diff-lcs (1.2.4)
    happymapper (0.4.0)
      libxml-ruby (~> 2.0)
    libxml-ruby (2.6.0)
    mime-types (1.23)
    nokogiri (1.5.9)
    nokogiri-happymapper (0.5.7)
      nokogiri (~> 1.5)
    rake (10.0.4)
    rest-client (1.6.7)
      mime-types (>= 1.16)
    rspec (2.13.0)
      rspec-core (~> 2.13.0)
      rspec-expectations (~> 2.13.0)
      rspec-mocks (~> 2.13.0)
    rspec-core (2.13.1)
    rspec-expectations (2.13.0)
      diff-lcs (>= 1.1.3, < 2.0)
    rspec-mocks (2.13.1)
    tins (0.7.2)

PLATFORMS
  ruby

DEPENDENCIES
  pivotal-tracker!
  rake
  rspec
  tins (~> 0.7)
